PATH
  remote: .
  specs:
    spacedocs (0.0.2)
      rake
      sass

GEM
  remote: https://rubygems.org/
  specs:
    rake (10.0.4)
    sass (3.2.8)

PLATFORMS
  ruby

DEPENDENCIES
  spacedocs!
