PATH
  remote: .
  specs:
    spacedocs (0.0.2)
      compass
      rake
      sass

GEM
  remote: https://rubygems.org/
  specs:
    chunky_png (1.2.8)
    compass (0.12.2)
      chunky_png (~> 1.2)
      fssm (>= 0.2.7)
      sass (~> 3.1)
    fssm (0.2.10)
    rake (10.0.4)
    sass (3.2.8)

PLATFORMS
  ruby

DEPENDENCIES
  spacedocs!
