PATH
  remote: .
  specs:
    spacedocs (0.0.2)
      compass
      haml
      rake
      sass
      thor
      tilt

GEM
  remote: https://rubygems.org/
  specs:
    chunky_png (1.2.8)
    compass (0.12.2)
      chunky_png (~> 1.2)
      fssm (>= 0.2.7)
      sass (~> 3.1)
    fssm (0.2.10)
    haml (4.0.2)
      tilt
    rake (10.0.4)
    sass (3.2.8)
    thor (0.17.0)
    tilt (1.3.7)

PLATFORMS
  ruby

DEPENDENCIES
  spacedocs!
